ObjectType = Image
NDims = 3
BinaryData = True
BinaryDataByteOrderMSB = False
CompressedData = True
CompressedDataSize = 5467790
TransformMatrix = 1 0 0 0 1 0 0 0 1
Offset = 0 0 0
CenterOfRotation = 0 0 0
AnatomicalOrientation = RAI
ElementSpacing = 1 1 1
DimSize = 323 236 335
ElementType = MET_UCHAR
ElementDataFile = 1.3.6.1.4.1.14519.5.2.1.6279.6001.100225287222365663678666836860.zraw
